GEM
  remote: http://rubygems.org/
  specs:
    animation (0.1.alpha.0)
      compass (>= 0.12.alpha.0)
      sass (>= 3.2.0.alpha.35)
    blankslate (2.1.2.4)
    breakpoint (2.0.7)
      compass (>= 0.12.1)
      sass (>= 3.2.0)
    chunky_png (1.2.9)
    classifier (1.3.3)
      fast-stemmer (>= 1.0.0)
    colorator (0.1)
    colorize (0.6.0)
    commander (4.1.5)
      highline (~> 1.6.11)
    compass (0.12.2)
      chunky_png (~> 1.2)
      fssm (>= 0.2.7)
      sass (~> 3.1)
    csscss (1.3.2)
      colorize
      parslet (~> 1.5)
    directory_watcher (1.4.1)
    fast-stemmer (1.0.2)
    fssm (0.2.10)
    highline (1.6.20)
    jekyll (1.2.1)
      classifier (~> 1.3)
      colorator (~> 0.1)
      commander (~> 4.1.3)
      directory_watcher (~> 1.4.1)
      liquid (~> 2.5.2)
      maruku (~> 0.5)
      pygments.rb (~> 0.5.0)
      redcarpet (~> 2.3.0)
      safe_yaml (~> 0.7.0)
    liquid (2.5.3)
    maruku (0.7.0)
    parslet (1.5.0)
      blankslate (~> 2.0)
    posix-spawn (0.3.6)
    pygments.rb (0.5.2)
      posix-spawn (~> 0.3.6)
      yajl-ruby (~> 1.1.0)
    redcarpet (2.3.0)
    safe_yaml (0.7.1)
    sass (3.2.12)
    yajl-ruby (1.1.0)

PLATFORMS
  ruby

DEPENDENCIES
  animation (~> 0.1.alpha.0)
  breakpoint (~> 2.0.7)
  compass (>= 0.12)
  csscss (~> 1.3)
  jekyll (~> 1.2.1)
  redcarpet
