GEM
  remote: http://rubygems.org/
  specs:
    RedCloth (4.2.9)
    animation (0.1.alpha.3)
      compass (>= 0.12.0)
      sass (>= 3.2.0.alpha.95)
    blankslate (2.1.2.4)
    breakpoint (2.0.7)
      compass (>= 0.12.1)
      sass (>= 3.2.0)
    celluloid (0.16.0)
      timers (~> 4.0.0)
    chunky_png (1.3.1)
    classifier-reborn (2.0.1)
      fast-stemmer (~> 1.0)
    coffee-script (2.3.0)
      coffee-script-source
      execjs
    coffee-script-source (1.8.0)
    colorator (0.1)
    colorize (0.7.3)
    compass (0.12.7)
      chunky_png (~> 1.2)
      fssm (>= 0.2.7)
      sass (~> 3.2.19)
    csscss (1.3.2)
      colorize
      parslet (~> 1.5)
    daemons (1.1.9)
    eventmachine (1.0.3)
    execjs (2.2.1)
    fast-stemmer (1.0.2)
    ffi (1.9.3)
    fssm (0.2.10)
    hitimes (1.2.2)
    jekyll (2.4.0)
      classifier-reborn (~> 2.0)
      colorator (~> 0.1)
      jekyll-coffeescript (~> 1.0)
      jekyll-gist (~> 1.0)
      jekyll-paginate (~> 1.0)
      jekyll-sass-converter (~> 1.0)
      jekyll-watch (~> 1.1)
      kramdown (~> 1.3)
      liquid (~> 2.6.1)
      mercenary (~> 0.3.3)
      pygments.rb (~> 0.6.0)
      redcarpet (~> 3.1)
      safe_yaml (~> 1.0)
      toml (~> 0.1.0)
    jekyll-coffeescript (1.0.1)
      coffee-script (~> 2.2)
    jekyll-gist (1.1.0)
    jekyll-paginate (1.0.0)
    jekyll-sass-converter (1.2.1)
      sass (~> 3.2)
    jekyll-watch (1.1.1)
      listen (~> 2.7)
    kramdown (1.4.1)
    liquid (2.6.1)
    listen (2.7.9)
      celluloid (>= 0.15.2)
      rb-fsevent (>= 0.9.3)
      rb-inotify (>= 0.9)
    mercenary (0.3.4)
    parslet (1.5.0)
      blankslate (~> 2.0)
    posix-spawn (0.3.9)
    pygments.rb (0.6.0)
      posix-spawn (~> 0.3.6)
      yajl-ruby (~> 1.1.0)
    rack (1.5.2)
    rb-fsevent (0.9.4)
    rb-inotify (0.9.5)
      ffi (>= 0.5.0)
    redcarpet (3.1.2)
    safe_yaml (1.0.3)
    sass (3.2.19)
    sass-globbing (1.1.1)
      sass (>= 3.1)
    thin (1.6.2)
      daemons (>= 1.0.9)
      eventmachine (>= 1.0.0)
      rack (>= 1.0.0)
    timers (4.0.1)
      hitimes
    toml (0.1.1)
      parslet (~> 1.5.0)
    yajl-ruby (1.1.0)

PLATFORMS
  ruby

DEPENDENCIES
  RedCloth
  animation (~> 0.1.alpha.0)
  breakpoint (~> 2.0.7)
  compass (~> 0.12.2)
  csscss (~> 1.3)
  jekyll (~> 2.4.0)
  redcarpet
  sass (~> 3.2.12)
  sass-globbing
  thin
