GEM
  remote: http://rubygems.org/
  specs:
    RedCloth (4.2.9)
    animation (0.1.alpha.3)
      compass (>= 0.12.0)
      sass (>= 3.2.0.alpha.95)
    blankslate (3.1.3)
    breakpoint (2.5.0)
      sass (~> 3.3)
      sassy-maps (< 1.0.0)
    chunky_png (1.3.5)
    colorator (0.1)
    colorize (0.7.7)
    compass (1.0.3)
      chunky_png (~> 1.2)
      compass-core (~> 1.0.2)
      compass-import-once (~> 1.0.5)
      rb-fsevent (>= 0.9.3)
      rb-inotify (>= 0.9)
      sass (>= 3.3.13, < 3.5)
    compass-core (1.0.3)
      multi_json (~> 1.0)
      sass (>= 3.3.0, < 3.5)
    compass-import-once (1.0.5)
      sass (>= 3.2, < 3.5)
    csscss (1.3.3)
      colorize
      parslet (>= 1.6.1, < 2.0)
    daemons (1.2.3)
    eventmachine (1.0.8)
    ffi (1.9.10)
    jekyll (3.0.1)
      colorator (~> 0.1)
      jekyll-sass-converter (~> 1.0)
      jekyll-watch (~> 1.1)
      kramdown (~> 1.3)
      liquid (~> 3.0)
      mercenary (~> 0.3.3)
      rouge (~> 1.7)
      safe_yaml (~> 1.0)
    jekyll-compose (0.3.0)
    jekyll-crosspost-to-medium (0.1.1)
    jekyll-sass-converter (1.3.0)
      sass (~> 3.2)
    jekyll-time-to-read (0.1.1)
      jekyll
    jekyll-watch (1.3.0)
      listen (~> 3.0)
    kramdown (1.9.0)
    liquid (3.0.6)
    listen (3.0.5)
      rb-fsevent (>= 0.9.3)
      rb-inotify (>= 0.9)
    mercenary (0.3.5)
    multi_json (1.11.2)
    parslet (1.7.1)
      blankslate (>= 2.0, <= 4.0)
    rack (1.6.4)
    rb-fsevent (0.9.6)
    rb-inotify (0.9.5)
      ffi (>= 0.5.0)
    redcarpet (3.3.3)
    rouge (1.10.1)
    safe_yaml (1.0.4)
    sass (3.4.19)
    sass-globbing (1.1.1)
      sass (>= 3.1)
    sassy-maps (0.4.0)
      sass (~> 3.3)
    thin (1.6.4)
      daemons (~> 1.0, >= 1.0.9)
      eventmachine (~> 1.0, >= 1.0.4)
      rack (~> 1.0)

PLATFORMS
  ruby

DEPENDENCIES
  RedCloth
  animation
  breakpoint
  compass
  csscss
  jekyll
  jekyll-compose
  jekyll-crosspost-to-medium
  jekyll-time-to-read
  redcarpet
  sass
  sass-globbing
  thin

BUNDLED WITH
   1.10.5
